GEM
  remote: https://rubygems.org/
  specs:
    activemodel (3.2.19)
      activesupport (= 3.2.19)
      builder (~> 3.0.0)
    activerecord (3.2.19)
      activemodel (= 3.2.19)
      activesupport (= 3.2.19)
      arel (~> 3.0.2)
      tzinfo (~> 0.3.29)
    activesupport (3.2.19)
      i18n (~> 0.6, >= 0.6.4)
      multi_json (~> 1.0)
    arel (3.0.3)
    builder (3.0.4)
    columnize (0.8.9)
    debugger (1.6.8)
      columnize (>= 0.3.1)
      debugger-linecache (~> 1.2.0)
      debugger-ruby_core_source (~> 1.3.5)
    debugger-linecache (1.2.0)
    debugger-ruby_core_source (1.3.5)
    domain_name (0.5.21)
      unf (>= 0.0.5, < 1.0.0)
    expression_parser (0.9.0)
    faraday (0.9.0)
      multipart-post (>= 1.2, < 3)
    faraday-cookie_jar (0.0.6)
      faraday (>= 0.7.4)
      http-cookie (~> 1.0.0)
    faraday_middleware (0.9.1)
      faraday (>= 0.7.4, < 0.10)
    haml (4.0.5)
      tilt
    hashie (3.3.1)
    http-cookie (1.0.2)
      domain_name (~> 0.5)
    i18n (0.6.11)
    jbuilder (2.2.2)
      activesupport (>= 3.0.0, < 5)
      multi_json (~> 1.2)
    jwt (1.0.0)
    mediawiki_api (0.2.1)
      faraday (~> 0.9, >= 0.9.0)
      faraday-cookie_jar (~> 0.0, >= 0.0.6)
    multi_json (1.10.1)
    multipart-post (2.0.0)
    netrc (0.7.7)
    oauth (0.4.7)
    omniauth (1.2.2)
      hashie (>= 1.2, < 4)
      rack (~> 1.0)
    omniauth-mediawiki (0.0.2)
      jwt (~> 1.0)
      omniauth-oauth (~> 1.0)
    omniauth-oauth (1.0.1)
      oauth
      omniauth (~> 1.0)
    rack (1.5.2)
    rack-protection (1.5.3)
      rack
    rest_client (1.7.3)
      netrc (~> 0.7.7)
    rinku (1.7.3)
    sass (3.2.1)
    shotgun (0.9)
      rack (>= 1.0)
    sinatra (1.3.5)
      rack (~> 1.4)
      rack-protection (~> 1.3)
      tilt (~> 1.3, >= 1.3.3)
    tilt (1.4.1)
    tzinfo (0.3.41)
    unf (0.1.4)
      unf_ext
    unf_ext (0.0.6)
    wikicloth (0.8.1)
      builder
      expression_parser
      rinku

PLATFORMS
  ruby

DEPENDENCIES
  activerecord (~> 3.0)
  debugger
  faraday_middleware
  haml
  jbuilder (~> 2.0)
  jwt
  mediawiki_api
  omniauth
  omniauth-mediawiki
  rest_client
  sass (= 3.2.1)
  shotgun (= 0.9)
  sinatra (= 1.3.5)
  wikicloth
